GEM
  remote: http://rubygems.org/
  specs:
    bson (1.9.2)
    mongo (1.9.2)
      bson (~> 1.9.2)
    mongodb (2.1.0)
      mongo (~> 1.5)
    newrelic_rpm (3.5.7.59)
    rack (1.5.2)
    rack-protection (1.5.1)
      rack
    sinatra (1.4.4)
      rack (~> 1.4)
      rack-protection (~> 1.4)
      tilt (~> 1.3, >= 1.3.4)
    slim (2.0.2)
      temple (~> 0.6.6)
      tilt (>= 1.3.3, < 2.1)
    temple (0.6.7)
    tilt (1.4.1)

PLATFORMS
  ruby
  x86-mingw32

DEPENDENCIES
  bson
  mongodb
  newrelic_rpm
  sinatra (~> 1.4.3)
  slim (~> 2.0.1)
